GEM
  remote: http://rubygems.org/
  specs:
    colored (1.2)
    connection_pool (2.2.3)
    domain_name (0.5.20190701)
      unf (>= 0.0.5, < 1.0.0)
    fakeweb (1.3.0)
    flexmock (0.9.0)
    fuzzy-string-match_pure (0.9.4)
    http-cookie (1.0.3)
      domain_name (~> 0.5)
    mechanize (2.7.7)
      domain_name (~> 0.5, >= 0.5.1)
      http-cookie (~> 1.0)
      mime-types (>= 1.17.2)
      net-http-digest_auth (~> 1.1, >= 1.1.1)
      net-http-persistent (>= 2.5.2)
      nokogiri (~> 1.6)
      ntlm-http (~> 0.1, >= 0.1.1)
      webrick (~> 1.7)
      webrobots (>= 0.0.9, < 0.2)
    mime-types (1.19)
    mini_portile2 (2.5.0)
    net-http-digest_auth (1.4.1)
    net-http-persistent (4.0.1)
      connection_pool (~> 2.2)
    nokogiri (1.11.1)
      mini_portile2 (~> 2.5.0)
      racc (~> 1.4)
    nokogiri (1.11.1-java)
      racc (~> 1.4)
    ntlm-http (0.1.1)
    racc (1.5.2)
    racc (1.5.2-java)
    sqlite3 (1.3.6)
    test-unit (2.5.0)
    unf (0.1.4)
      unf_ext
    unf (0.1.4-java)
    unf_ext (0.0.7.7)
    webrick (1.7.0)
    webrobots (0.1.2)

PLATFORMS
  java
  ruby

DEPENDENCIES
  colored
  fakeweb (>= 1.3.0)
  flexmock (>= 0.9.0)
  fuzzy-string-match_pure (> 0.9.3)
  mechanize (>= 2.5.1)
  mime-types
  sqlite3
  test-unit
