GEM
  remote: http://rubygems.org/
  specs:
    colored (1.2)
    domain_name (0.5.3)
      unf (~> 0.0.3)
    fakeweb (1.3.0)
    flexmock (0.9.0)
    fuzzy-string-match_pure (0.9.4)
    mechanize (2.5.1)
      domain_name (~> 0.5, >= 0.5.1)
      mime-types (~> 1.17, >= 1.17.2)
      net-http-digest_auth (~> 1.1, >= 1.1.1)
      net-http-persistent (~> 2.5, >= 2.5.2)
      nokogiri (~> 1.4)
      ntlm-http (~> 0.1, >= 0.1.1)
      webrobots (~> 0.0, >= 0.0.9)
    mime-types (1.19)
    mini_portile2 (2.8.0)
    net-http-digest_auth (1.2.1)
    net-http-persistent (2.7)
    nokogiri (1.13.4)
      mini_portile2 (~> 2.8.0)
      racc (~> 1.4)
    nokogiri (1.13.4-java)
      racc (~> 1.4)
    ntlm-http (0.1.1)
    racc (1.6.0)
    racc (1.6.0-java)
    sqlite3 (1.3.6)
    test-unit (2.5.0)
    unf (0.0.5)
      unf_ext
    unf (0.0.5-java)
    unf_ext (0.0.5)
    webrobots (0.0.13)

PLATFORMS
  java
  ruby

DEPENDENCIES
  colored
  fakeweb (>= 1.3.0)
  flexmock (>= 0.9.0)
  fuzzy-string-match_pure (> 0.9.3)
  mechanize (>= 2.5.1)
  mime-types
  sqlite3
  test-unit
